NUGET
  remote: https://nuget.org/api/v2
  specs:
    FAKE (4.0.2)
    FakeItEasy (1.25.3)
    FluentAssertions (3.4.1)
    NUnit (2.6.4)
    NUnit.Runners (2.6.4)
