REDIRECTS: ON
RESTRICTION: || (== net472) (== netcoreapp2.2)
NUGET
  remote: https://www.nuget.org/api/v2
    Castle.Core (4.4) - restriction: || (&& (== net472) (< net40)) (== netcoreapp2.2)
      NETStandard.Library (>= 1.6.1) - restriction: || (&& (== net472) (< net35)) (== netcoreapp2.2)
      System.Collections.Specialized (>= 4.3) - restriction: || (&& (== net472) (< net35)) (== netcoreapp2.2)
      System.ComponentModel (>= 4.3) - restriction: || (&& (== net472) (< net35)) (== netcoreapp2.2)
      System.ComponentModel.TypeConverter (>= 4.3) - restriction: || (&& (== net472) (< net35)) (== netcoreapp2.2)
      System.Diagnostics.TraceSource (>= 4.3) - restriction: || (&& (== net472) (< net35)) (== netcoreapp2.2)
      System.Dynamic.Runtime (>= 4.3) - restriction: || (&& (== net472) (< net35)) (== netcoreapp2.2)
      System.Reflection (>= 4.3) - restriction: || (&& (== net472) (< net35)) (== netcoreapp2.2)
      System.Reflection.Emit (>= 4.3) - restriction: || (&& (== net472) (< net35)) (== netcoreapp2.2)
      System.Reflection.TypeExtensions (>= 4.3) - restriction: || (&& (== net472) (< net35)) (== netcoreapp2.2)
      System.Xml.XmlDocument (>= 4.3) - restriction: || (&& (== net472) (< net35)) (== netcoreapp2.2)
    FAKE (5.8.4)
    FakeItEasy (5.1.1)
      Castle.Core (>= 4.3.1) - restriction: || (&& (== net472) (< net40)) (== netcoreapp2.2)
    FluentAssertions (5.6)
      System.Configuration.ConfigurationManager (>= 4.4) - restriction: || (&& (== net472) (< net45)) (&& (== net472) (>= netcoreapp2.0)) (== netcoreapp2.2)
    Microsoft.NETCore.Platforms (2.2.1) - restriction: || (&& (== net472) (>= netcoreapp2.0)) (== netcoreapp2.2)
    Microsoft.NETCore.Targets (2.1) - restriction: || (&& (== net472) (< net45)) (== netcoreapp2.2)
    Microsoft.Reactive.Testing (4.1.5)
      System.Reactive (>= 4.1.5)
      System.Threading.Tasks.Extensions (>= 4.5.2)
    NETStandard.Library (2.0.3) - restriction: || (&& (== net472) (< net35)) (== netcoreapp2.2)
      Microsoft.NETCore.Platforms (>= 1.1)
    NUnit (3.12)
      NETStandard.Library (>= 2.0) - restriction: || (&& (== net472) (< net35)) (== netcoreapp2.2)
    NUnit.Console (3.10)
      NUnit.ConsoleRunner (>= 3.10)
      NUnit.Extension.NUnitProjectLoader (>= 3.6)
      NUnit.Extension.NUnitV2Driver (>= 3.7)
      NUnit.Extension.NUnitV2ResultWriter (>= 3.6)
      NUnit.Extension.TeamCityEventListener (>= 1.0.6)
      NUnit.Extension.VSProjectLoader (>= 3.8)
    NUnit.ConsoleRunner (3.10)
    NUnit.Extension.NUnitProjectLoader (3.6)
    NUnit.Extension.NUnitV2Driver (3.7)
    NUnit.Extension.NUnitV2ResultWriter (3.6)
    NUnit.Extension.TeamCityEventListener (1.0.6)
    NUnit.Extension.VSProjectLoader (3.8)
    NUnit.Runners (3.10)
      NUnit.Console (>= 3.10)
    runtime.native.System (4.3.1) - restriction: || (&& (== net472) (< net35)) (== netcoreapp2.2)
      Microsoft.NETCore.Platforms (>= 1.1.1)
      Microsoft.NETCore.Targets (>= 1.1.3)
    System.Collections (4.3) - restriction: || (&& (== net472) (< net35)) (== netcoreapp2.2)
      Microsoft.NETCore.Platforms (>= 1.1) - restriction: || (&& (== net472) (< net45)) (== netcoreapp2.2)
      Microsoft.NETCore.Targets (>= 1.1) - restriction: || (&& (== net472) (< net45)) (== netcoreapp2.2)
      System.Runtime (>= 4.3) - restriction: || (&& (== net472) (< net45)) (== netcoreapp2.2)
    System.Collections.NonGeneric (4.3) - restriction: || (&& (== net472) (< net35)) (== netcoreapp2.2)
      System.Diagnostics.Debug (>= 4.3) - restriction: || (&& (== net472) (< net46)) (== netcoreapp2.2)
      System.Globalization (>= 4.3) - restriction: || (&& (== net472) (< net46)) (== netcoreapp2.2)
      System.Resources.ResourceManager (>= 4.3) - restriction: || (&& (== net472) (< net46)) (== netcoreapp2.2)
      System.Runtime (>= 4.3) - restriction: || (&& (== net472) (< net46)) (== netcoreapp2.2)
      System.Runtime.Extensions (>= 4.3) - restriction: || (&& (== net472) (< net46)) (== netcoreapp2.2)
      System.Threading (>= 4.3) - restriction: || (&& (== net472) (< net46)) (== netcoreapp2.2)
    System.Collections.Specialized (4.3) - restriction: || (&& (== net472) (< net35)) (== netcoreapp2.2)
      System.Collections.NonGeneric (>= 4.3) - restriction: || (&& (== net472) (< net46)) (== netcoreapp2.2)
      System.Globalization (>= 4.3) - restriction: || (&& (== net472) (< net46)) (== netcoreapp2.2)
      System.Globalization.Extensions (>= 4.3) - restriction: || (&& (== net472) (< net46)) (== netcoreapp2.2)
      System.Resources.ResourceManager (>= 4.3) - restriction: || (&& (== net472) (< net46)) (== netcoreapp2.2)
      System.Runtime (>= 4.3) - restriction: || (&& (== net472) (< net46)) (== netcoreapp2.2)
      System.Runtime.Extensions (>= 4.3) - restriction: || (&& (== net472) (< net46)) (== netcoreapp2.2)
      System.Threading (>= 4.3) - restriction: || (&& (== net472) (< net46)) (== netcoreapp2.2)
    System.ComponentModel (4.3) - restriction: || (&& (== net472) (< net35)) (== netcoreapp2.2)
      System.Runtime (>= 4.3) - restriction: || (&& (== net472) (< net45)) (== netcoreapp2.2)
    System.ComponentModel.Primitives (4.3) - restriction: || (&& (== net472) (< net35)) (&& (== net472) (< netstandard1.0) (>= win8)) (&& (== net472) (>= wp8)) (&& (== net472) (>= wpa81)) (== netcoreapp2.2)
      System.ComponentModel (>= 4.3) - restriction: || (&& (== net472) (< net45)) (== netcoreapp2.2)
      System.Resources.ResourceManager (>= 4.3) - restriction: || (&& (== net472) (< net45)) (== netcoreapp2.2)
      System.Runtime (>= 4.3) - restriction: || (&& (== net472) (< net45)) (== netcoreapp2.2)
    System.ComponentModel.TypeConverter (4.3) - restriction: || (&& (== net472) (< net35)) (== netcoreapp2.2)
      System.Collections (>= 4.3) - restriction: || (&& (== net472) (< net45)) (== netcoreapp2.2)
      System.Collections.NonGeneric (>= 4.3)
      System.Collections.Specialized (>= 4.3) - restriction: || (&& (== net472) (< net45)) (== netcoreapp2.2)
      System.ComponentModel (>= 4.3) - restriction: || (&& (== net472) (< net45)) (== netcoreapp2.2)
      System.ComponentModel.Primitives (>= 4.3)
      System.Globalization (>= 4.3) - restriction: || (&& (== net472) (< net45)) (== netcoreapp2.2)
      System.Linq (>= 4.3) - restriction: || (&& (== net472) (< net45)) (== netcoreapp2.2)
      System.Reflection (>= 4.3) - restriction: || (&& (== net472) (< net45)) (== netcoreapp2.2)
      System.Reflection.Extensions (>= 4.3) - restriction: || (&& (== net472) (< net45)) (== netcoreapp2.2)
      System.Reflection.Primitives (>= 4.3) - restriction: || (&& (== net472) (< net45)) (== netcoreapp2.2)
      System.Reflection.TypeExtensions (>= 4.3) - restriction: || (&& (== net472) (< net45)) (== netcoreapp2.2)
      System.Resources.ResourceManager (>= 4.3) - restriction: || (&& (== net472) (< net45)) (== netcoreapp2.2)
      System.Runtime (>= 4.3) - restriction: || (&& (== net472) (< net45)) (== netcoreapp2.2)
      System.Runtime.Extensions (>= 4.3) - restriction: || (&& (== net472) (< net45)) (== netcoreapp2.2)
      System.Threading (>= 4.3) - restriction: || (&& (== net472) (< net45)) (== netcoreapp2.2)
    System.Configuration.ConfigurationManager (4.5) - restriction: || (&& (== net472) (< net45)) (&& (== net472) (>= netcoreapp2.0)) (== netcoreapp2.2)
      System.Security.Cryptography.ProtectedData (>= 4.5) - restriction: || (&& (== net472) (< net461)) (== netcoreapp2.2)
      System.Security.Permissions (>= 4.5)
    System.Diagnostics.Debug (4.3) - restriction: || (&& (== net472) (< net35)) (== netcoreapp2.2)
      Microsoft.NETCore.Platforms (>= 1.1) - restriction: || (&& (== net472) (< net45)) (== netcoreapp2.2)
      Microsoft.NETCore.Targets (>= 1.1) - restriction: || (&& (== net472) (< net45)) (== netcoreapp2.2)
      System.Runtime (>= 4.3) - restriction: || (&& (== net472) (< net45)) (== netcoreapp2.2)
    System.Diagnostics.TraceSource (4.3) - restriction: || (&& (== net472) (< net35)) (== netcoreapp2.2)
      Microsoft.NETCore.Platforms (>= 1.1) - restriction: || (&& (== net472) (< net46)) (== netcoreapp2.2)
      runtime.native.System (>= 4.3) - restriction: || (&& (== net472) (< net46)) (== netcoreapp2.2)
      System.Collections (>= 4.3) - restriction: || (&& (== net472) (< net46)) (== netcoreapp2.2)
      System.Diagnostics.Debug (>= 4.3) - restriction: || (&& (== net472) (< net46)) (== netcoreapp2.2)
      System.Globalization (>= 4.3) - restriction: || (&& (== net472) (< net46)) (== netcoreapp2.2)
      System.Resources.ResourceManager (>= 4.3) - restriction: || (&& (== net472) (< net46)) (== netcoreapp2.2)
      System.Runtime (>= 4.3) - restriction: || (&& (== net472) (< net46)) (== netcoreapp2.2)
      System.Runtime.Extensions (>= 4.3) - restriction: || (&& (== net472) (< net46)) (== netcoreapp2.2)
      System.Threading (>= 4.3) - restriction: || (&& (== net472) (< net46)) (== netcoreapp2.2)
    System.Dynamic.Runtime (4.3) - restriction: || (&& (== net472) (< net35)) (== netcoreapp2.2)
      System.Collections (>= 4.3) - restriction: || (&& (== net472) (< net45)) (== netcoreapp2.2)
      System.Diagnostics.Debug (>= 4.3) - restriction: || (&& (== net472) (< net45)) (== netcoreapp2.2)
      System.Linq (>= 4.3) - restriction: || (&& (== net472) (< net45)) (== netcoreapp2.2)
      System.Linq.Expressions (>= 4.3) - restriction: || (&& (== net472) (< net45)) (== netcoreapp2.2)
      System.ObjectModel (>= 4.3) - restriction: || (&& (== net472) (< net45)) (== netcoreapp2.2)
      System.Reflection (>= 4.3) - restriction: || (&& (== net472) (< net45)) (== netcoreapp2.2)
      System.Reflection.Emit (>= 4.3) - restriction: || (&& (== net472) (< net45)) (== netcoreapp2.2)
      System.Reflection.Emit.ILGeneration (>= 4.3) - restriction: || (&& (== net472) (< net45)) (== netcoreapp2.2)
      System.Reflection.Primitives (>= 4.3) - restriction: || (&& (== net472) (< net45)) (== netcoreapp2.2)
      System.Reflection.TypeExtensions (>= 4.3) - restriction: || (&& (== net472) (< net45)) (== netcoreapp2.2)
      System.Resources.ResourceManager (>= 4.3) - restriction: || (&& (== net472) (< net45)) (== netcoreapp2.2)
      System.Runtime (>= 4.3) - restriction: || (&& (== net472) (< net45)) (== netcoreapp2.2)
      System.Runtime.Extensions (>= 4.3) - restriction: || (&& (== net472) (< net45)) (== netcoreapp2.2)
      System.Threading (>= 4.3) - restriction: || (&& (== net472) (< net45)) (== netcoreapp2.2)
    System.Globalization (4.3) - restriction: || (&& (== net472) (< net35)) (== netcoreapp2.2)
      Microsoft.NETCore.Platforms (>= 1.1) - restriction: || (&& (== net472) (< net45)) (== netcoreapp2.2)
      Microsoft.NETCore.Targets (>= 1.1) - restriction: || (&& (== net472) (< net45)) (== netcoreapp2.2)
      System.Runtime (>= 4.3) - restriction: || (&& (== net472) (< net45)) (== netcoreapp2.2)
    System.Globalization.Extensions (4.3) - restriction: || (&& (== net472) (< net35)) (== netcoreapp2.2)
      Microsoft.NETCore.Platforms (>= 1.1) - restriction: || (&& (== net472) (< net46)) (== netcoreapp2.2)
      System.Globalization (>= 4.3) - restriction: || (&& (== net472) (< net46)) (== netcoreapp2.2)
      System.Resources.ResourceManager (>= 4.3) - restriction: || (&& (== net472) (< net46)) (== netcoreapp2.2)
      System.Runtime (>= 4.3) - restriction: || (&& (== net472) (< net46)) (== netcoreapp2.2)
      System.Runtime.Extensions (>= 4.3) - restriction: || (&& (== net472) (< net46)) (== netcoreapp2.2)
      System.Runtime.InteropServices (>= 4.3) - restriction: || (&& (== net472) (< net46)) (== netcoreapp2.2)
    System.IO (4.3) - restriction: || (&& (== net472) (< net35)) (== netcoreapp2.2)
      Microsoft.NETCore.Platforms (>= 1.1) - restriction: || (&& (== net472) (< net45)) (== netcoreapp2.2)
      Microsoft.NETCore.Targets (>= 1.1) - restriction: || (&& (== net472) (< net45)) (== netcoreapp2.2)
      System.Runtime (>= 4.3) - restriction: || (&& (== net472) (< net45)) (== netcoreapp2.2)
      System.Text.Encoding (>= 4.3) - restriction: || (&& (== net472) (< net45)) (== netcoreapp2.2)
      System.Threading.Tasks (>= 4.3) - restriction: || (&& (== net472) (< net45)) (== netcoreapp2.2)
    System.IO.FileSystem (4.3) - restriction: || (&& (== net472) (< net35)) (== netcoreapp2.2)
      Microsoft.NETCore.Platforms (>= 1.1) - restriction: || (&& (== net472) (< net46)) (== netcoreapp2.2)
      Microsoft.NETCore.Targets (>= 1.1) - restriction: || (&& (== net472) (< net46)) (== netcoreapp2.2)
      System.IO (>= 4.3) - restriction: || (&& (== net472) (< net46)) (== netcoreapp2.2)
      System.IO.FileSystem.Primitives (>= 4.3)
      System.Runtime (>= 4.3) - restriction: || (&& (== net472) (< net46)) (== netcoreapp2.2)
      System.Runtime.Handles (>= 4.3) - restriction: || (&& (== net472) (< net46)) (== netcoreapp2.2)
      System.Text.Encoding (>= 4.3) - restriction: || (&& (== net472) (< net46)) (== netcoreapp2.2)
      System.Threading.Tasks (>= 4.3) - restriction: || (&& (== net472) (< net46)) (== netcoreapp2.2)
    System.IO.FileSystem.Primitives (4.3) - restriction: || (&& (== net472) (< net35)) (== netcoreapp2.2)
      System.Runtime (>= 4.3) - restriction: || (&& (== net472) (< net46)) (== netcoreapp2.2)
    System.Linq (4.3) - restriction: || (&& (== net472) (< net35)) (== netcoreapp2.2)
      System.Collections (>= 4.3) - restriction: || (&& (== net472) (< net45)) (== netcoreapp2.2)
      System.Diagnostics.Debug (>= 4.3) - restriction: || (&& (== net472) (< net45)) (== netcoreapp2.2)
      System.Resources.ResourceManager (>= 4.3) - restriction: || (&& (== net472) (< net45)) (== netcoreapp2.2)
      System.Runtime (>= 4.3) - restriction: || (&& (== net472) (< net45)) (== netcoreapp2.2)
      System.Runtime.Extensions (>= 4.3) - restriction: || (&& (== net472) (< net45)) (== netcoreapp2.2)
    System.Linq.Expressions (4.3) - restriction: || (&& (== net472) (< net35)) (== netcoreapp2.2)
      System.Collections (>= 4.3) - restriction: || (&& (== net472) (< net45)) (== netcoreapp2.2)
      System.Diagnostics.Debug (>= 4.3) - restriction: || (&& (== net472) (< net45)) (== netcoreapp2.2)
      System.Globalization (>= 4.3) - restriction: || (&& (== net472) (< net45)) (== netcoreapp2.2)
      System.IO (>= 4.3) - restriction: || (&& (== net472) (< net45)) (== netcoreapp2.2)
      System.Linq (>= 4.3) - restriction: || (&& (== net472) (< net45)) (== netcoreapp2.2)
      System.ObjectModel (>= 4.3) - restriction: || (&& (== net472) (< net45)) (== netcoreapp2.2)
      System.Reflection (>= 4.3) - restriction: || (&& (== net472) (< net45)) (== netcoreapp2.2)
      System.Reflection.Emit (>= 4.3) - restriction: || (&& (== net472) (< net45)) (== netcoreapp2.2)
      System.Reflection.Emit.ILGeneration (>= 4.3) - restriction: || (&& (== net472) (< net45)) (== netcoreapp2.2)
      System.Reflection.Emit.Lightweight (>= 4.3) - restriction: || (&& (== net472) (< net45)) (== netcoreapp2.2)
      System.Reflection.Extensions (>= 4.3) - restriction: || (&& (== net472) (< net45)) (== netcoreapp2.2)
      System.Reflection.Primitives (>= 4.3) - restriction: || (&& (== net472) (< net45)) (== netcoreapp2.2)
      System.Reflection.TypeExtensions (>= 4.3) - restriction: || (&& (== net472) (< net45)) (== netcoreapp2.2)
      System.Resources.ResourceManager (>= 4.3) - restriction: || (&& (== net472) (< net45)) (== netcoreapp2.2)
      System.Runtime (>= 4.3) - restriction: || (&& (== net472) (< net45)) (== netcoreapp2.2)
      System.Runtime.Extensions (>= 4.3) - restriction: || (&& (== net472) (< net45)) (== netcoreapp2.2)
      System.Threading (>= 4.3) - restriction: || (&& (== net472) (< net45)) (== netcoreapp2.2)
    System.ObjectModel (4.3) - restriction: || (&& (== net472) (< net35)) (== netcoreapp2.2)
      System.Collections (>= 4.3) - restriction: || (&& (== net472) (< net45)) (== netcoreapp2.2)
      System.Diagnostics.Debug (>= 4.3) - restriction: || (&& (== net472) (< net45)) (== netcoreapp2.2)
      System.Resources.ResourceManager (>= 4.3) - restriction: || (&& (== net472) (< net45)) (== netcoreapp2.2)
      System.Runtime (>= 4.3) - restriction: || (&& (== net472) (< net45)) (== netcoreapp2.2)
      System.Threading (>= 4.3) - restriction: || (&& (== net472) (< net45)) (== netcoreapp2.2)
    System.Reactive (4.1.5)
      System.Runtime.InteropServices.WindowsRuntime (>= 4.3) - restriction: || (&& (== net472) (< net46)) (== netcoreapp2.2)
      System.Threading.Tasks.Extensions (>= 4.5.2)
      System.ValueTuple (>= 4.5) - restriction: || (== net472) (&& (== netcoreapp2.2) (>= net46)) (&& (== netcoreapp2.2) (>= uap10.0))
    System.Reflection (4.3) - restriction: || (&& (== net472) (< net35)) (== netcoreapp2.2)
      Microsoft.NETCore.Platforms (>= 1.1) - restriction: || (&& (== net472) (< net45)) (== netcoreapp2.2)
      Microsoft.NETCore.Targets (>= 1.1) - restriction: || (&& (== net472) (< net45)) (== netcoreapp2.2)
      System.IO (>= 4.3) - restriction: || (&& (== net472) (< net45)) (== netcoreapp2.2)
      System.Reflection.Primitives (>= 4.3) - restriction: || (&& (== net472) (< net45)) (== netcoreapp2.2)
      System.Runtime (>= 4.3) - restriction: || (&& (== net472) (< net45)) (== netcoreapp2.2)
    System.Reflection.Emit (4.3) - restriction: || (&& (== net472) (< net35)) (== netcoreapp2.2)
      System.IO (>= 4.3) - restriction: || (&& (== net472) (< net45)) (== netcoreapp2.2)
      System.Reflection (>= 4.3) - restriction: || (&& (== net472) (< net45)) (== netcoreapp2.2)
      System.Reflection.Emit.ILGeneration (>= 4.3) - restriction: || (&& (== net472) (< net45)) (== netcoreapp2.2)
      System.Reflection.Primitives (>= 4.3) - restriction: || (&& (== net472) (< net45)) (== netcoreapp2.2)
      System.Runtime (>= 4.3) - restriction: || (&& (== net472) (< net45)) (== netcoreapp2.2)
    System.Reflection.Emit.ILGeneration (4.3) - restriction: || (&& (== net472) (< net35)) (== netcoreapp2.2)
      System.Reflection (>= 4.3) - restriction: || (&& (== net472) (< net45)) (== netcoreapp2.2)
      System.Reflection.Primitives (>= 4.3) - restriction: || (&& (== net472) (< net45)) (== netcoreapp2.2)
      System.Runtime (>= 4.3) - restriction: || (&& (== net472) (< net45)) (== netcoreapp2.2)
    System.Reflection.Emit.Lightweight (4.3) - restriction: || (&& (== net472) (< net35)) (== netcoreapp2.2)
      System.Reflection (>= 4.3) - restriction: || (&& (== net472) (< net45)) (== netcoreapp2.2)
      System.Reflection.Emit.ILGeneration (>= 4.3) - restriction: || (&& (== net472) (< net45)) (== netcoreapp2.2)
      System.Reflection.Primitives (>= 4.3) - restriction: || (&& (== net472) (< net45)) (== netcoreapp2.2)
      System.Runtime (>= 4.3) - restriction: || (&& (== net472) (< net45)) (== netcoreapp2.2)
    System.Reflection.Extensions (4.3) - restriction: || (&& (== net472) (< net35)) (== netcoreapp2.2)
      Microsoft.NETCore.Platforms (>= 1.1) - restriction: || (&& (== net472) (< net45)) (== netcoreapp2.2)
      Microsoft.NETCore.Targets (>= 1.1) - restriction: || (&& (== net472) (< net45)) (== netcoreapp2.2)
      System.Reflection (>= 4.3) - restriction: || (&& (== net472) (< net45)) (== netcoreapp2.2)
      System.Runtime (>= 4.3) - restriction: || (&& (== net472) (< net45)) (== netcoreapp2.2)
    System.Reflection.Primitives (4.3) - restriction: || (&& (== net472) (< net35)) (== netcoreapp2.2)
      Microsoft.NETCore.Platforms (>= 1.1) - restriction: || (&& (== net472) (< net45)) (== netcoreapp2.2)
      Microsoft.NETCore.Targets (>= 1.1) - restriction: || (&& (== net472) (< net45)) (== netcoreapp2.2)
      System.Runtime (>= 4.3) - restriction: || (&& (== net472) (< net45)) (== netcoreapp2.2)
    System.Reflection.TypeExtensions (4.5.1) - restriction: || (&& (== net472) (< net35)) (== netcoreapp2.2)
    System.Resources.ResourceManager (4.3) - restriction: || (&& (== net472) (< net35)) (== netcoreapp2.2)
      Microsoft.NETCore.Platforms (>= 1.1) - restriction: || (&& (== net472) (< net45)) (== netcoreapp2.2)
      Microsoft.NETCore.Targets (>= 1.1) - restriction: || (&& (== net472) (< net45)) (== netcoreapp2.2)
      System.Globalization (>= 4.3) - restriction: || (&& (== net472) (< net45)) (== netcoreapp2.2)
      System.Reflection (>= 4.3) - restriction: || (&& (== net472) (< net45)) (== netcoreapp2.2)
      System.Runtime (>= 4.3) - restriction: || (&& (== net472) (< net45)) (== netcoreapp2.2)
    System.Runtime (4.3.1) - restriction: || (&& (== net472) (< net35)) (&& (== net472) (< net45)) (== netcoreapp2.2)
      Microsoft.NETCore.Platforms (>= 1.1.1) - restriction: || (&& (== net472) (< net45)) (== netcoreapp2.2)
      Microsoft.NETCore.Targets (>= 1.1.3) - restriction: || (&& (== net472) (< net45)) (== netcoreapp2.2)
    System.Runtime.CompilerServices.Unsafe (4.5.2) - restriction: || (== net472) (&& (== netcoreapp2.2) (>= net45)) (&& (== netcoreapp2.2) (< netcoreapp2.1)) (&& (== netcoreapp2.2) (< netstandard1.0)) (&& (== netcoreapp2.2) (< netstandard2.0)) (&& (== netcoreapp2.2) (>= wp8))
    System.Runtime.Extensions (4.3.1) - restriction: || (&& (== net472) (< net35)) (== netcoreapp2.2)
      Microsoft.NETCore.Platforms (>= 1.1.1) - restriction: || (&& (== net472) (< net45)) (== netcoreapp2.2)
      Microsoft.NETCore.Targets (>= 1.1.3) - restriction: || (&& (== net472) (< net45)) (== netcoreapp2.2)
      System.Runtime (>= 4.3.1) - restriction: || (&& (== net472) (< net45)) (== netcoreapp2.2)
    System.Runtime.Handles (4.3) - restriction: || (&& (== net472) (< net35)) (&& (== net472) (>= netcoreapp1.1)) (== netcoreapp2.2)
      Microsoft.NETCore.Platforms (>= 1.1) - restriction: || (&& (== net472) (< net46)) (== netcoreapp2.2)
      Microsoft.NETCore.Targets (>= 1.1) - restriction: || (&& (== net472) (< net46)) (== netcoreapp2.2)
      System.Runtime (>= 4.3) - restriction: || (&& (== net472) (< net46)) (== netcoreapp2.2)
    System.Runtime.InteropServices (4.3) - restriction: || (&& (== net472) (< net35)) (== netcoreapp2.2)
      Microsoft.NETCore.Platforms (>= 1.1) - restriction: || (&& (== net472) (< net45)) (&& (== net472) (>= netcoreapp1.1)) (== netcoreapp2.2)
      Microsoft.NETCore.Targets (>= 1.1) - restriction: || (&& (== net472) (< net45)) (&& (== net472) (>= netcoreapp1.1)) (== netcoreapp2.2)
      System.Reflection (>= 4.3) - restriction: || (&& (== net472) (< net45)) (&& (== net472) (>= netcoreapp1.1)) (== netcoreapp2.2)
      System.Reflection.Primitives (>= 4.3) - restriction: || (&& (== net472) (< net45)) (&& (== net472) (>= netcoreapp1.1)) (== netcoreapp2.2)
      System.Runtime (>= 4.3)
      System.Runtime.Handles (>= 4.3) - restriction: || (&& (== net472) (< net45)) (&& (== net472) (>= netcoreapp1.1)) (== netcoreapp2.2)
    System.Runtime.InteropServices.WindowsRuntime (4.3) - restriction: || (&& (== net472) (< net46)) (== netcoreapp2.2)
      System.Runtime (>= 4.3) - restriction: || (&& (== net472) (< net45)) (== netcoreapp2.2)
    System.Security.AccessControl (4.5) - restriction: || (&& (== net472) (>= monoandroid)) (&& (== net472) (>= monotouch)) (&& (== net472) (< net45)) (&& (== net472) (>= netcoreapp2.0)) (&& (== net472) (>= xamarintvos)) (&& (== net472) (>= xamarinwatchos)) (== netcoreapp2.2)
      Microsoft.NETCore.Platforms (>= 2.0) - restriction: || (&& (== net472) (>= netcoreapp2.0)) (== netcoreapp2.2)
      System.Security.Principal.Windows (>= 4.5)
    System.Security.Cryptography.ProtectedData (4.5) - restriction: || (&& (== net472) (< net45)) (&& (== net472) (>= netcoreapp2.0)) (== netcoreapp2.2)
    System.Security.Permissions (4.5) - restriction: || (&& (== net472) (>= monoandroid)) (&& (== net472) (>= monotouch)) (&& (== net472) (< net45)) (&& (== net472) (>= netcoreapp2.0)) (&& (== net472) (>= xamarintvos)) (&& (== net472) (>= xamarinwatchos)) (== netcoreapp2.2)
      System.Security.AccessControl (>= 4.5)
    System.Security.Principal.Windows (4.5.1) - restriction: || (&& (== net472) (>= monoandroid)) (&& (== net472) (>= monotouch)) (&& (== net472) (< net45)) (&& (== net472) (>= netcoreapp2.0)) (&& (== net472) (>= xamarintvos)) (&& (== net472) (>= xamarinwatchos)) (== netcoreapp2.2)
      Microsoft.NETCore.Platforms (>= 2.0) - restriction: || (&& (== net472) (>= netcoreapp2.0)) (== netcoreapp2.2)
    System.Text.Encoding (4.3) - restriction: || (&& (== net472) (< net35)) (== netcoreapp2.2)
      Microsoft.NETCore.Platforms (>= 1.1) - restriction: || (&& (== net472) (< net45)) (== netcoreapp2.2)
      Microsoft.NETCore.Targets (>= 1.1) - restriction: || (&& (== net472) (< net45)) (== netcoreapp2.2)
      System.Runtime (>= 4.3) - restriction: || (&& (== net472) (< net45)) (== netcoreapp2.2)
    System.Text.Encoding.Extensions (4.3) - restriction: || (&& (== net472) (< net35)) (== netcoreapp2.2)
      Microsoft.NETCore.Platforms (>= 1.1) - restriction: || (&& (== net472) (< net45)) (== netcoreapp2.2)
      Microsoft.NETCore.Targets (>= 1.1) - restriction: || (&& (== net472) (< net45)) (== netcoreapp2.2)
      System.Runtime (>= 4.3) - restriction: || (&& (== net472) (< net45)) (== netcoreapp2.2)
      System.Text.Encoding (>= 4.3) - restriction: || (&& (== net472) (< net45)) (== netcoreapp2.2)
    System.Text.RegularExpressions (4.3.1) - restriction: || (&& (== net472) (< net35)) (== netcoreapp2.2)
      System.Runtime (>= 4.3.1) - restriction: || (&& (== net472) (< net45)) (&& (== net472) (>= netcoreapp1.1)) (== netcoreapp2.2)
    System.Threading (4.3) - restriction: || (&& (== net472) (< net35)) (== netcoreapp2.2)
      System.Runtime (>= 4.3) - restriction: || (&& (== net472) (< net45)) (== netcoreapp2.2)
      System.Threading.Tasks (>= 4.3) - restriction: || (&& (== net472) (< net45)) (== netcoreapp2.2)
    System.Threading.Tasks (4.3) - restriction: || (&& (== net472) (< net35)) (== netcoreapp2.2)
      Microsoft.NETCore.Platforms (>= 1.1) - restriction: || (&& (== net472) (< net45)) (== netcoreapp2.2)
      Microsoft.NETCore.Targets (>= 1.1) - restriction: || (&& (== net472) (< net45)) (== netcoreapp2.2)
      System.Runtime (>= 4.3) - restriction: || (&& (== net472) (< net45)) (== netcoreapp2.2)
    System.Threading.Tasks.Extensions (4.5.2)
      System.Runtime.CompilerServices.Unsafe (>= 4.5.2) - restriction: || (== net472) (&& (== netcoreapp2.2) (>= net45)) (&& (== netcoreapp2.2) (< netcoreapp2.1)) (&& (== netcoreapp2.2) (< netstandard1.0)) (&& (== netcoreapp2.2) (< netstandard2.0)) (&& (== netcoreapp2.2) (>= wp8))
    System.ValueTuple (4.5)
    System.Xml.ReaderWriter (4.3.1) - restriction: || (&& (== net472) (< net35)) (== netcoreapp2.2)
      System.Collections (>= 4.3) - restriction: || (&& (== net472) (< net45)) (== netcoreapp2.2)
      System.Diagnostics.Debug (>= 4.3) - restriction: || (&& (== net472) (< net45)) (== netcoreapp2.2)
      System.Globalization (>= 4.3) - restriction: || (&& (== net472) (< net45)) (== netcoreapp2.2)
      System.IO (>= 4.3) - restriction: || (&& (== net472) (< net45)) (== netcoreapp2.2)
      System.IO.FileSystem (>= 4.3) - restriction: || (&& (== net472) (< net45)) (== netcoreapp2.2)
      System.IO.FileSystem.Primitives (>= 4.3) - restriction: || (&& (== net472) (< net45)) (== netcoreapp2.2)
      System.Resources.ResourceManager (>= 4.3) - restriction: || (&& (== net472) (< net45)) (== netcoreapp2.2)
      System.Runtime (>= 4.3) - restriction: || (&& (== net472) (< net45)) (== netcoreapp2.2)
      System.Runtime.Extensions (>= 4.3) - restriction: || (&& (== net472) (< net45)) (== netcoreapp2.2)
      System.Runtime.InteropServices (>= 4.3) - restriction: || (&& (== net472) (< net45)) (== netcoreapp2.2)
      System.Text.Encoding (>= 4.3) - restriction: || (&& (== net472) (< net45)) (== netcoreapp2.2)
      System.Text.Encoding.Extensions (>= 4.3) - restriction: || (&& (== net472) (< net45)) (== netcoreapp2.2)
      System.Text.RegularExpressions (>= 4.3) - restriction: || (&& (== net472) (< net45)) (== netcoreapp2.2)
      System.Threading.Tasks (>= 4.3) - restriction: || (&& (== net472) (< net45)) (== netcoreapp2.2)
      System.Threading.Tasks.Extensions (>= 4.3) - restriction: || (&& (== net472) (< net45)) (== netcoreapp2.2)
    System.Xml.XmlDocument (4.3) - restriction: || (&& (== net472) (< net35)) (== netcoreapp2.2)
      System.Collections (>= 4.3) - restriction: || (&& (== net472) (< net46)) (== netcoreapp2.2)
      System.Diagnostics.Debug (>= 4.3) - restriction: || (&& (== net472) (< net46)) (== netcoreapp2.2)
      System.Globalization (>= 4.3) - restriction: || (&& (== net472) (< net46)) (== netcoreapp2.2)
      System.IO (>= 4.3) - restriction: || (&& (== net472) (< net46)) (== netcoreapp2.2)
      System.Resources.ResourceManager (>= 4.3) - restriction: || (&& (== net472) (< net46)) (== netcoreapp2.2)
      System.Runtime (>= 4.3) - restriction: || (&& (== net472) (< net46)) (== netcoreapp2.2)
      System.Runtime.Extensions (>= 4.3) - restriction: || (&& (== net472) (< net46)) (== netcoreapp2.2)
      System.Text.Encoding (>= 4.3) - restriction: || (&& (== net472) (< net46)) (== netcoreapp2.2)
      System.Threading (>= 4.3) - restriction: || (&& (== net472) (< net46)) (== netcoreapp2.2)
      System.Xml.ReaderWriter (>= 4.3) - restriction: || (&& (== net472) (< net46)) (== netcoreapp2.2)
